GEM
  remote: https://rubygems.org/
  specs:
    ascii_charts (0.9.1)

PLATFORMS
  ruby

DEPENDENCIES
  ascii_charts
